PATH
  remote: .
  specs:
    gimli (0.1.7)
      RedCloth
      albino
      bundler
      creole
      github-markup
      nokogiri
      org-ruby
      pdfkit
      redcarpet
      wikicloth
      wkhtmltopdf-binary

GEM
  remote: http://rubygems.org/
  specs:
    RedCloth (4.2.7)
    albino (1.3.3)
      posix-spawn (>= 0.3.6)
    builder (3.0.0)
    creole (0.4.2)
    diff-lcs (1.1.2)
    expression_parser (0.9.0)
    github-markup (0.5.3)
    guard (0.3.4)
      thor (~> 0.14.6)
    guard-rspec (0.3.0)
      guard (>= 0.2.2)
    nokogiri (1.4.4)
    org-ruby (0.5.3)
      rubypants (>= 0.2.0)
    pdfkit (0.5.0)
    posix-spawn (0.3.6)
    redcarpet (1.14.2)
    rr (1.0.2)
    rspec (2.5.0)
      rspec-core (~> 2.5.0)
      rspec-expectations (~> 2.5.0)
      rspec-mocks (~> 2.5.0)
    rspec-core (2.5.1)
    rspec-expectations (2.5.0)
      diff-lcs (~> 1.1.2)
    rspec-mocks (2.5.0)
    rubypants (0.2.0)
    thor (0.14.6)
    wikicloth (0.6.3)
      builder
      expression_parser
    wkhtmltopdf-binary (0.9.5.3)
    yard (0.6.8)

PLATFORMS
  ruby

DEPENDENCIES
  gimli!
  guard
  guard-rspec
  rr
  rspec
  yard
