PATH
  remote: .
  specs:
    gimli (0.2.2)
      RedCloth (~> 4.2.7)
      albino (~> 1.3.3)
      creole (~> 0.4.2)
      github-markup (~> 0.7.4)
      nokogiri (~> 1.5.5)
      optiflag (~> 0.7)
      org-ruby (~> 0.7.1)
      pdfkit (~> 0.5.2)
      redcarpet (~> 2.1.1)
      wikicloth (~> 0.8.0)
      wkhtmltopdf-binary (~> 0.9.9.1)

GEM
  remote: http://rubygems.org/
  specs:
    RedCloth (4.2.9)
    albino (1.3.3)
      posix-spawn (>= 0.3.6)
    builder (3.0.0)
    creole (0.4.2)
    diff-lcs (1.1.3)
    expression_parser (0.9.0)
    ffi (1.1.4)
    github-markup (0.7.4)
    guard (1.3.0)
      listen (>= 0.4.2)
      thor (>= 0.14.6)
    guard-rspec (1.2.1)
      guard (>= 1.1)
    listen (0.4.7)
      rb-fchange (~> 0.0.5)
      rb-fsevent (~> 0.9.1)
      rb-inotify (~> 0.8.8)
    nokogiri (1.5.5)
    optiflag (0.7)
    org-ruby (0.7.1)
      rubypants (>= 0.2.0)
    pdfkit (0.5.2)
    posix-spawn (0.3.6)
    rake (0.9.2.2)
    rb-fchange (0.0.5)
      ffi
    rb-fsevent (0.9.1)
    rb-inotify (0.8.8)
      ffi (>= 0.5.0)
    redcarpet (2.1.1)
    rr (1.0.4)
    rspec (2.11.0)
      rspec-core (~> 2.11.0)
      rspec-expectations (~> 2.11.0)
      rspec-mocks (~> 2.11.0)
    rspec-core (2.11.1)
    rspec-expectations (2.11.2)
      diff-lcs (~> 1.1.3)
    rspec-mocks (2.11.1)
    rubypants (0.2.0)
    thor (0.15.4)
    wikicloth (0.8.0)
      builder
      expression_parser
    wkhtmltopdf-binary (0.9.9.1)
    yard (0.8.2.1)

PLATFORMS
  ruby

DEPENDENCIES
  bundler
  gimli!
  guard
  guard-rspec
  rake
  rr
  rspec
  yard
